GEM
  remote: https://rubygems.org/
  specs:
    colorize (0.8.1)
    httparty (0.14.0)
      multi_xml (>= 0.5.2)
    multi_xml (0.5.5)
    rake (11.3.0)

PLATFORMS
  ruby

DEPENDENCIES
  colorize
  httparty
  rake

BUNDLED WITH
   1.13.6
